GEM
  remote: http://rubygems.org/
  specs:
    haml (3.1.2)
    rake (0.9.2)
    ruby-fsevent (0.2.1)
    sass (3.1.7)
    watchr (0.7)

PLATFORMS
  ruby

DEPENDENCIES
  haml
  rake
  ruby-fsevent
  sass
  watchr
